GEM
  specs:
    byebug (12.0.0)
    cgi (0.3.6)
    erb (4.0.2)
      cgi (>= 0.3.3)
    mysql2 (0.5.6)
    terminal-table (4.0.0)
      unicode-display_width (>= 1.1.1, < 4)
    unicode-display_width (3.1.4)
      unicode-emoji (~> 4.0, >= 4.0.4)
    unicode-emoji (4.0.4)
    yaml (0.2.1)

PLATFORMS
  ruby
  x86_64-linux

DEPENDENCIES
  byebug
  erb
  mysql2
  terminal-table
  yaml

RUBY VERSION
   ruby 3.2.2p53

BUNDLED WITH
   2.6.6
